PATH
  remote: .
  specs:
    eadsax (0.0.1)
      sax-machine
      trollop

GEM
  remote: http://rubygems.org/
  specs:
    diff-lcs (1.2.1)
    nokogiri (1.5.9)
    rake (10.0.4)
    rspec (2.13.0)
      rspec-core (~> 2.13.0)
      rspec-expectations (~> 2.13.0)
      rspec-mocks (~> 2.13.0)
    rspec-core (2.13.1)
    rspec-expectations (2.13.0)
      diff-lcs (>= 1.1.3, < 2.0)
    rspec-mocks (2.13.0)
    sax-machine (0.1.0)
      nokogiri (> 0.0.0)
    trollop (2.0)

PLATFORMS
  ruby

DEPENDENCIES
  eadsax!
  rake
  rspec
